PATH
  remote: .
  specs:
    sidekiq_worker_limiter (0.1.0)
      sidekiq (>= 5.2)

GEM
  remote: https://rubygems.org/
  specs:
    connection_pool (2.2.2)
    rack (2.0.6)
    rack-protection (2.0.5)
      rack
    redis (4.1.0)
    sidekiq (5.2.3)
      connection_pool (~> 2.2, >= 2.2.2)
      rack-protection (>= 1.5.0)
      redis (>= 3.3.5, < 5)

PLATFORMS
  ruby

DEPENDENCIES
  sidekiq_worker_limiter!

BUNDLED WITH
   1.16.5
